PATH
  remote: .
  specs:
    schema_registry_cli (0.2.0)
      wrappi (~> 0.2.6)

GEM
  remote: https://rubygems.org/
  specs:
    addressable (2.8.1)
      public_suffix (>= 2.0.2, < 6.0)
    diff-lcs (1.3)
    domain_name (0.5.20190701)
      unf (>= 0.0.5, < 1.0.0)
    erlash (0.1.1)
      fusu
    fusu (0.2.1)
    http (2.2.2)
      addressable (~> 2.3)
      http-cookie (~> 1.0)
      http-form_data (~> 1.0.1)
      http_parser.rb (~> 0.6.0)
    http-cookie (1.0.3)
      domain_name (~> 0.5)
    http-form_data (1.0.3)
    http_parser.rb (0.6.0)
    miller (0.1.1)
      erlash (~> 0.1)
    public_suffix (5.0.0)
    rake (10.5.0)
    retryable (3.0.4)
    rspec (3.8.0)
      rspec-core (~> 3.8.0)
      rspec-expectations (~> 3.8.0)
      rspec-mocks (~> 3.8.0)
    rspec-core (3.8.2)
      rspec-support (~> 3.8.0)
    rspec-expectations (3.8.4)
      diff-lcs (>= 1.2.0, < 2.0)
      rspec-support (~> 3.8.0)
    rspec-mocks (3.8.1)
      diff-lcs (>= 1.2.0, < 2.0)
      rspec-support (~> 3.8.0)
    rspec-support (3.8.2)
    unf (0.1.4)
      unf_ext
    unf_ext (0.0.7.6)
    wrappi (0.2.6)
      fusu (~> 0.2.1)
      http (~> 2.2)
      miller (~> 0.1.1)
      retryable

PLATFORMS
  ruby

DEPENDENCIES
  bundler (~> 1.17)
  rake (~> 10.0)
  rspec (~> 3.0)
  schema_registry_cli!

BUNDLED WITH
   1.17.1
